GIT
  remote: https://github.com/FortAwesome/font-awesome-sass
  revision: 2200fc61adba2ba78556ce04783a19d48bac82f4
  specs:
    font-awesome-sass (4.7.0)
      sass (>= 3.2)

GIT
  remote: https://github.com/bigtunacan/rails-jquery-autocomplete
  revision: 4b54ddfe475f6caae14a22a4890aa7f12030799b
  specs:
    rails-jquery-autocomplete (1.0.3)
      rails (>= 3.2)

GIT
  remote: https://github.com/joliss/jquery-ui-rails
  revision: 0b22d46622c6615334cdfcd86d0d3ea22d9841ca
  specs:
    jquery-ui-rails (6.0.1)
      railties (>= 3.2.16)

GIT
  remote: https://github.com/mrrooijen/mongoid-paperclip
  revision: 225764062f607a29df4ec030edee7f654904252a
  specs:
    mongoid-paperclip (1.0.0.pre)
      mongoid
      paperclip (>= 2.3.6, != 4.3.3, != 4.3.0)

GIT
  remote: https://github.com/rweng/jquery-datatables-rails
  revision: d486b31b192a2924b1913e080ad23460e6b96d31
  specs:
    jquery-datatables-rails (3.4.0)
      actionpack (>= 3.1)
      jquery-rails
      railties (>= 3.1)
      sass-rails

GIT
  remote: https://github.com/ryanb/nested_form
  revision: 1b0689dfb4d230ceabd278eba159fcb02f23c68a
  specs:
    nested_form (0.3.2)

GIT
  remote: https://github.com/twbs/bootstrap-sass
  revision: 51486a8bd836d32b9f413e911ed83b433ef4ad39
  specs:
    bootstrap-sass (3.3.7)
      autoprefixer-rails (>= 5.2.1)
      sass (>= 3.3.4)

GEM
  remote: https://rubygems.org/
  specs:
    actionmailer (4.2.10)
      actionpack (= 4.2.10)
      actionview (= 4.2.10)
      activejob (= 4.2.10)
      mail (~> 2.5, >= 2.5.4)
      rails-dom-testing (~> 1.0, >= 1.0.5)
    actionpack (4.2.10)
      actionview (= 4.2.10)
      activesupport (= 4.2.10)
      rack (~> 1.6)
      rack-test (~> 0.6.2)
      rails-dom-testing (~> 1.0, >= 1.0.5)
      rails-html-sanitizer (~> 1.0, >= 1.0.2)
    actionpack-action_caching (1.2.0)
      actionpack (>= 4.0.0, < 6)
    actionview (4.2.10)
      activesupport (= 4.2.10)
      builder (~> 3.1)
      erubis (~> 2.7.0)
      rails-dom-testing (~> 1.0, >= 1.0.5)
      rails-html-sanitizer (~> 1.0, >= 1.0.3)
    activejob (4.2.10)
      activesupport (= 4.2.10)
      globalid (>= 0.3.0)
    activemodel (4.2.10)
      activesupport (= 4.2.10)
      builder (~> 3.1)
    activerecord (4.2.10)
      activemodel (= 4.2.10)
      activesupport (= 4.2.10)
      arel (~> 6.0)
    activesupport (4.2.10)
      i18n (~> 0.7)
      minitest (~> 5.1)
      thread_safe (~> 0.3, >= 0.3.4)
      tzinfo (~> 1.1)
    addressable (2.5.2)
      public_suffix (>= 2.0.2, < 4.0)
    ansi (1.5.0)
    arel (6.0.4)
    autoprefixer-rails (7.2.5)
      execjs
    backports (3.11.1)
    bcrypt (3.1.11)
    bson (4.3.0)
    bson_ext (1.5.1)
    builder (3.2.3)
    childprocess (0.8.0)
      ffi (~> 1.0, >= 1.0.11)
    ckeditor (4.2.4)
      cocaine
      orm_adapter (~> 0.5.0)
    climate_control (0.2.0)
    cocaine (0.5.8)
      climate_control (>= 0.0.3, < 1.0)
    coffee-rails (4.1.1)
      coffee-script (>= 2.2.0)
      railties (>= 4.0.0, < 5.1.x)
    coffee-script (2.4.1)
      coffee-script-source
      execjs
    coffee-script-source (1.12.2)
    concurrent-ruby (1.0.5)
    crass (1.0.4)
    daemons (1.2.6)
    debase (0.2.1)
      debase-ruby_core_source
    debase-ruby_core_source (0.10.2)
    declarative (0.0.10)
    declarative-option (0.1.0)
    delayed_job (4.1.4)
      activesupport (>= 3.0, < 5.2)
    delayed_job_mongoid (2.3.0)
      delayed_job (>= 3.0, < 5)
      mongoid (>= 3.0, < 7)
      mongoid-compatibility (>= 0.4.0)
    devise (4.4.0)
      bcrypt (~> 3.0)
      orm_adapter (~> 0.1)
      railties (>= 4.1.0, < 5.2)
      responders
      warden (~> 1.2.3)
    digest-crc (0.4.1)
    domain_name (0.5.20170404)
      unf (>= 0.0.5, < 1.0.0)
    erubis (2.7.0)
    execjs (2.7.0)
    faraday (0.12.2)
      multipart-post (>= 1.2, < 3)
    ffi (1.9.18)
    gibberish (2.1.0)
    globalid (0.4.1)
      activesupport (>= 4.2.0)
    google-api-client (0.17.4)
      addressable (~> 2.5, >= 2.5.1)
      googleauth (>= 0.5, < 0.7.0)
      httpclient (>= 2.8.1, < 3.0)
      mime-types (~> 3.0)
      representable (~> 3.0)
      retriable (>= 2.0, < 4.0)
    google-cloud-core (1.1.0)
      google-cloud-env (~> 1.0)
    google-cloud-env (1.0.1)
      faraday (~> 0.11)
    google-cloud-storage (1.9.0)
      digest-crc (~> 0.4)
      google-api-client (~> 0.17.0)
      google-cloud-core (~> 1.1)
      googleauth (~> 0.6.2)
    googleauth (0.6.2)
      faraday (~> 0.12)
      jwt (>= 1.4, < 3.0)
      logging (~> 2.0)
      memoist (~> 0.12)
      multi_json (~> 1.11)
      os (~> 0.9)
      signet (~> 0.7)
    hashie (3.5.7)
    http-cookie (1.0.3)
      domain_name (~> 0.5)
    httpclient (2.8.3)
    i18n (0.9.5)
      concurrent-ruby (~> 1.0)
    jbuilder (2.7.0)
      activesupport (>= 4.2.0)
      multi_json (>= 1.2)
    jquery-fileupload-rails (0.4.7)
      actionpack (>= 3.1)
      railties (>= 3.1)
      sass (>= 3.2)
    jquery-rails (4.3.3)
      rails-dom-testing (>= 1, < 3)
      railties (>= 4.2.0)
      thor (>= 0.14, < 2.0)
    json (1.8.6)
    jwt (1.5.6)
    little-plugger (1.1.4)
    logging (2.2.2)
      little-plugger (~> 1.1)
      multi_json (~> 1.10)
    loofah (2.2.2)
      crass (~> 1.0.2)
      nokogiri (>= 1.5.9)
    mail (2.7.0)
      mini_mime (>= 0.1.1)
    memoist (0.16.0)
    mime-types (3.1)
      mime-types-data (~> 3.2015)
    mime-types-data (3.2016.0521)
    mimemagic (0.3.2)
    mini_mime (1.0.0)
    mini_portile2 (2.3.0)
    minitest (5.11.3)
    minitest-rails (2.2.1)
      minitest (~> 5.7)
      railties (~> 4.1)
    minitest-reporters (1.1.19)
      ansi
      builder
      minitest (>= 5.0)
      ruby-progressbar
    mongo (2.5.0)
      bson (>= 4.3.0, < 5.0.0)
    mongoid (5.2.1)
      activemodel (~> 4.0)
      mongo (>= 2.4.1, < 3.0.0)
      origin (~> 2.3)
      tzinfo (>= 0.3.37)
    mongoid-compatibility (0.5.1)
      activesupport
      mongoid (>= 2.0)
    mongoid-encrypted-fields (1.3.6)
      json (< 2)
      mongoid (>= 3)
    mongoid_rails_migrations (1.1.0)
      activesupport (>= 4.2.0)
      bundler (>= 1.0.0)
      mongoid (>= 4.0.0)
      rails (>= 4.2.0)
      railties (>= 4.2.0)
    multi_json (1.13.1)
    multi_xml (0.6.0)
    multipart-post (2.0.0)
    naturally (2.1.0)
    netrc (0.11.0)
    nmatrix (0.2.4)
      packable (~> 1.3, >= 1.3.5)
    nokogiri (1.8.2)
      mini_portile2 (~> 2.3.0)
    non-stupid-digest-assets (1.0.9)
      sprockets (>= 2.0)
    oauth2 (1.4.0)
      faraday (>= 0.8, < 0.13)
      jwt (~> 1.0)
      multi_json (~> 1.3)
      multi_xml (~> 0.5)
      rack (>= 1.2, < 3)
    omniauth (1.8.1)
      hashie (>= 3.4.6, < 3.6.0)
      rack (>= 1.6.2, < 3)
    omniauth-google-oauth2 (0.5.2)
      jwt (~> 1.5)
      multi_json (~> 1.3)
      omniauth (>= 1.1.1)
      omniauth-oauth2 (>= 1.3.1)
    omniauth-oauth2 (1.5.0)
      oauth2 (~> 1.1)
      omniauth (~> 1.2)
    origin (2.3.1)
    orm_adapter (0.5.0)
    os (0.9.6)
    packable (1.3.9)
      backports
    paperclip (5.2.1)
      activemodel (>= 4.2.0)
      activesupport (>= 4.2.0)
      cocaine (~> 0.5.5)
      mime-types
      mimemagic (~> 0.3.0)
    parallel (1.12.1)
    power_assert (1.1.1)
    public_suffix (3.0.1)
    rack (1.6.10)
    rack-test (0.6.3)
      rack (>= 1.0)
    rails (4.2.10)
      actionmailer (= 4.2.10)
      actionpack (= 4.2.10)
      actionview (= 4.2.10)
      activejob (= 4.2.10)
      activemodel (= 4.2.10)
      activerecord (= 4.2.10)
      activesupport (= 4.2.10)
      bundler (>= 1.3.0, < 2.0)
      railties (= 4.2.10)
      sprockets-rails
    rails-deprecated_sanitizer (1.0.3)
      activesupport (>= 4.2.0.alpha)
    rails-dom-testing (1.0.9)
      activesupport (>= 4.2.0, < 5.0)
      nokogiri (~> 1.6)
      rails-deprecated_sanitizer (>= 1.0.1)
    rails-html-sanitizer (1.0.4)
      loofah (~> 2.2, >= 2.2.2)
    railties (4.2.10)
      actionpack (= 4.2.10)
      activesupport (= 4.2.10)
      rake (>= 0.8.7)
      thor (>= 0.18.1, < 2.0)
    rake (12.3.1)
    rb-fsevent (0.10.2)
    rb-inotify (0.9.10)
      ffi (>= 0.5.0, < 2)
    rdoc (4.3.0)
    representable (3.0.4)
      declarative (< 0.1.0)
      declarative-option (< 0.2.0)
      uber (< 0.2.0)
    responders (2.4.0)
      actionpack (>= 4.2.0, < 5.3)
      railties (>= 4.2.0, < 5.3)
    rest-client (2.0.2)
      http-cookie (>= 1.0.2, < 2.0)
      mime-types (>= 1.16, < 4.0)
      netrc (~> 0.8)
    retriable (3.1.1)
    ruby-debug-ide (0.6.0)
      rake (>= 0.8.1)
    ruby-prof (0.17.0)
    ruby-progressbar (1.9.0)
    ruby_native_statistics (0.8)
    rubyzip (1.2.1)
    sass (3.5.5)
      sass-listen (~> 4.0.0)
    sass-listen (4.0.0)
      rb-fsevent (~> 0.9, >= 0.9.4)
      rb-inotify (~> 0.9, >= 0.9.7)
    sass-rails (5.0.7)
      railties (>= 4.0.0, < 6)
      sass (~> 3.1)
      sprockets (>= 2.8, < 4.0)
      sprockets-rails (>= 2.0, < 4.0)
      tilt (>= 1.1, < 3)
    sdoc (0.4.2)
      json (~> 1.7, >= 1.7.7)
      rdoc (~> 4.0)
    selenium-webdriver (3.8.0)
      childprocess (~> 0.5)
      rubyzip (~> 1.0)
    signet (0.8.1)
      addressable (~> 2.3)
      faraday (~> 0.9)
      jwt (>= 1.5, < 3.0)
      multi_json (~> 1.10)
    spring (2.0.2)
      activesupport (>= 4.2)
    sprockets (3.7.1)
      concurrent-ruby (~> 1.0)
      rack (> 1, < 3)
    sprockets-rails (3.2.1)
      actionpack (>= 4.0)
      activesupport (>= 4.0)
      sprockets (>= 3.0.0)
    test-unit (3.2.7)
      power_assert
    thor (0.20.0)
    thread_safe (0.3.6)
    tilt (2.0.8)
    truncate_html (0.9.3)
    tzinfo (1.2.5)
      thread_safe (~> 0.1)
    uber (0.1.0)
    uglifier (4.1.3)
      execjs (>= 0.3.0, < 3)
    unf (0.1.4)
      unf_ext
    unf_ext (0.0.7.4)
    warden (1.2.7)
      rack (>= 1.0)
    will_paginate (3.1.6)
    will_paginate_mongoid (2.0.1)
      mongoid
      will_paginate (~> 3.0)

PLATFORMS
  ruby

DEPENDENCIES
  actionpack-action_caching
  bootstrap-sass!
  bson_ext
  ckeditor
  coffee-rails (~> 4.1.0)
  daemons
  debase
  delayed_job
  delayed_job_mongoid
  devise
  font-awesome-sass!
  gibberish
  google-cloud-storage
  googleauth
  jbuilder (~> 2.0)
  jquery-datatables-rails!
  jquery-fileupload-rails
  jquery-rails
  jquery-ui-rails!
  minitest-rails (~> 2.0)
  minitest-reporters
  mongoid
  mongoid-encrypted-fields
  mongoid-paperclip!
  mongoid_rails_migrations
  naturally
  nested_form!
  nmatrix
  non-stupid-digest-assets
  omniauth-google-oauth2
  parallel
  rails (= 4.2.10)
  rails-jquery-autocomplete!
  rest-client
  ruby-debug-ide
  ruby-prof
  ruby_native_statistics
  sass-rails (~> 5.0, >= 5.0.6)
  sdoc (~> 0.4.0)
  selenium-webdriver
  spring
  test-unit
  truncate_html
  uglifier (>= 1.3.0)
  will_paginate_mongoid

BUNDLED WITH
   1.16.1
